GEM
  remote: https://rubygems.org/
  specs:
    mini_portile2 (2.8.6)
    nokogiri (1.16.5)
      mini_portile2 (~> 2.8.2)
      racc (~> 1.4)
    racc (1.7.3)

PLATFORMS
  ruby
  x64-mingw32

DEPENDENCIES
  nokogiri

BUNDLED WITH
   2.3.21
