GEM
  remote: https://rubygems.org/
  specs:
    mini_portile2 (2.8.8)
    nokogiri (1.18.4)
      mini_portile2 (~> 2.8.2)
      racc (~> 1.4)
    racc (1.8.1)

PLATFORMS
  ruby
  x64-mingw32

DEPENDENCIES
  nokogiri

BUNDLED WITH
   2.3.21
