GEM
  remote: https://rubygems.org/
  specs:
    mini_portile2 (2.8.2)
    nokogiri (1.15.2)
      mini_portile2 (~> 2.8.2)
      racc (~> 1.4)
    nokogiri (1.15.2-x64-mingw32)
      racc (~> 1.4)
    racc (1.7.1)

PLATFORMS
  ruby
  x64-mingw32

DEPENDENCIES
  nokogiri

BUNDLED WITH
   2.3.21
