GEM
  remote: https://rubygems.org/
  specs:
    mini_portile2 (2.6.1)
    nokogiri (1.12.5)
      mini_portile2 (~> 2.6.1)
      racc (~> 1.4)
    nokogiri (1.12.5-x64-mingw32)
      racc (~> 1.4)
    racc (1.5.2)

PLATFORMS
  ruby
  x64-mingw32

DEPENDENCIES
  nokogiri

BUNDLED WITH
   1.16.1
